GEM
  remote: https://rubygems.org/
  specs:
    byebug (9.0.6)
    coderay (1.1.1)
    get_process_mem (0.2.1)
    glib2 (3.1.1)
      pkg-config
    gobject-introspection (3.1.1)
      glib2 (= 3.1.1)
    kgio (2.11.0)
    method_source (0.8.2)
    pkg-config (1.1.7)
    pry (0.10.4)
      coderay (~> 1.1.0)
      method_source (~> 0.8.1)
      slop (~> 3.4)
    rack (2.0.1)
    raindrops (0.17.0)
    ruby-vips (1.0.4)
      gobject-introspection (~> 3.1)
    slop (3.6.0)
    unicorn (5.2.0)
      kgio (~> 2.6)
      raindrops (~> 0.7)
    unicorn-worker-killer (0.4.4)
      get_process_mem (~> 0)
      unicorn (>= 4, < 6)

PLATFORMS
  ruby

DEPENDENCIES
  byebug
  pry
  rack
  ruby-vips
  unicorn
  unicorn-worker-killer

RUBY VERSION
   ruby 2.4.0p0

BUNDLED WITH
   1.13.7
