GEM
  remote: https://rubygems.org/
  specs:
    coderay (1.1.1)
    ffi (1.9.18)
    get_process_mem (0.2.1)
    kgio (2.11.0)
    method_source (0.8.2)
    pry (0.10.4)
      coderay (~> 1.1.0)
      method_source (~> 0.8.1)
      slop (~> 3.4)
    rack (2.0.3)
    raindrops (0.19.0)
    ruby-vips (2.0.7)
      ffi (~> 1.9)
    slop (3.6.0)
    unicorn (5.3.0)
      kgio (~> 2.6)
      raindrops (~> 0.7)
    unicorn-worker-killer (0.4.4)
      get_process_mem (~> 0)
      unicorn (>= 4, < 6)

PLATFORMS
  ruby

DEPENDENCIES
  pry
  rack
  ruby-vips
  unicorn
  unicorn-worker-killer

RUBY VERSION
   ruby 2.4.0p0

BUNDLED WITH
   1.13.7
