GEM
  remote: https://rubygems.org/
  specs:
    coderay (1.1.2)
    ffi (1.9.18)
    method_source (0.8.2)
    pry (0.10.4)
      coderay (~> 1.1.0)
      method_source (~> 0.8.1)
      slop (~> 3.4)
    puma (3.10.0)
    rack (2.0.3)
    ruby-vips (2.0.7)
      ffi (~> 1.9)
    slop (3.6.0)

PLATFORMS
  ruby

DEPENDENCIES
  pry
  puma
  rack
  ruby-vips

RUBY VERSION
   ruby 2.4.0p0

BUNDLED WITH
   1.13.7
