GEM
  remote: https://rubygems.org/
  specs:
    byebug (11.0.1)
    coderay (1.1.2)
    ffi (1.11.3)
    get_process_mem (0.2.5)
      ffi (~> 1.0)
    method_source (0.9.2)
    nio4r (2.5.8)
    pry (0.12.2)
      coderay (~> 1.1.0)
      method_source (~> 0.9.0)
    puma (4.3.11)
      nio4r (~> 2.0)
    puma_worker_killer (0.1.1)
      get_process_mem (~> 0.2)
      puma (>= 2.7, < 5)
    rack (2.1.4)
    ruby-vips (2.0.16)
      ffi (~> 1.9)

PLATFORMS
  ruby

DEPENDENCIES
  byebug
  pry
  puma
  puma_worker_killer
  rack
  ruby-vips

RUBY VERSION
   ruby 2.5.0p0

BUNDLED WITH
   2.1.4
