GEM
  remote: https://rubygems.org/
  specs:
    coderay (1.1.2)
    ffi (1.9.18)
    get_process_mem (0.2.1)
    method_source (0.9.0)
    pry (0.11.3)
      coderay (~> 1.1.0)
      method_source (~> 0.9.0)
    puma (3.11.0)
    puma_worker_killer (0.1.0)
      get_process_mem (~> 0.2)
      puma (>= 2.7, < 4)
    rack (2.0.3)
    ruby-vips (2.0.9)
      ffi (~> 1.9)

PLATFORMS
  ruby

DEPENDENCIES
  pry
  puma
  puma_worker_killer
  rack
  ruby-vips

RUBY VERSION
   ruby 2.4.0p0

BUNDLED WITH
   1.16.1
